PATH
  remote: .
  specs:
    apify-ruby-client (0.1.0)
      faraday (~> 0.9)

GEM
  remote: https://rubygems.org/
  specs:
    ansi (1.5.0)
    builder (3.2.4)
    faraday (0.17.6)
      multipart-post (>= 1.2, < 3)
    minitest (5.16.3)
    minitest-reporters (1.5.0)
      ansi
      builder
      minitest (>= 5.0)
      ruby-progressbar
    multipart-post (2.3.0)
    mustermann (3.0.0)
      ruby2_keywords (~> 0.0.1)
    nio4r (2.5.8)
    puma (6.0.2)
      nio4r (~> 2.0)
    rack (2.2.5)
    rack-protection (3.0.5)
      rack
    rack-test (2.0.2)
      rack (>= 1.3)
    rake (12.3.3)
    ruby-progressbar (1.11.0)
    ruby2_keywords (0.0.5)
    sinatra (3.0.5)
      mustermann (~> 3.0)
      rack (~> 2.2, >= 2.2.4)
      rack-protection (= 3.0.5)
      tilt (~> 2.0)
    tilt (2.0.11)
    vcr (6.1.0)

PLATFORMS
  ruby

DEPENDENCIES
  apify-ruby-client!
  minitest (~> 5.0)
  minitest-reporters (~> 1.1)
  puma (~> 6.0)
  rack-test (~> 2.0)
  rake (~> 12.0)
  sinatra (~> 3.0)
  vcr (~> 6.0)

BUNDLED WITH
   2.1.4
